GIT
  remote: git://github.com/clearsightstudio/ProMotion.git
  revision: e177764d01c9c7c253896234407dbb408915a05c
  branch: master
  specs:
    ProMotion (2.2.1)
      methadone (~> 1.7)

PATH
  remote: .
  specs:
    ProMotion-iap (0.2.0)

GEM
  remote: https://rubygems.org/
  specs:
    methadone (1.8.0)
      bundler
    motion-redgreen (1.0.0)
    motion-stump (0.3.2)
    rake (10.4.2)

PLATFORMS
  ruby

DEPENDENCIES
  ProMotion!
  ProMotion-iap!
  motion-redgreen (~> 1.0)
  motion-stump (~> 0.3)
  rake
